GEM
  remote: https://rubygems.org/
  specs:
    dotenv (2.7.6)
    fileutils (1.4.1)
    json (2.3.1)
    mini_portile2 (2.6.1)
    nokogiri (1.12.5)
      mini_portile2 (~> 2.6.1)
      racc (~> 1.4)
    racc (1.5.2)

PLATFORMS
  ruby

DEPENDENCIES
  dotenv
  fileutils
  json
  nokogiri

BUNDLED WITH
   2.1.2
